GIT
  remote: git@58.246.127.90:pbl/pbl_service_client.git
  revision: 815d7ce0180ea89fc3dd28e38d85d191e0b23ade
  branch: master
  specs:
    pbl_service_client (0.0.16)
      activemodel
      addressable
      typhoeus
      virtus

GEM
  remote: http://ruby.taobao.org/
  remote: https://rails-assets.org/
  specs:
    actionmailer (4.1.7)
      actionpack (= 4.1.7)
      actionview (= 4.1.7)
      mail (~> 2.5, >= 2.5.4)
    actionpack (4.1.7)
      actionview (= 4.1.7)
      activesupport (= 4.1.7)
      rack (~> 1.5.2)
      rack-test (~> 0.6.2)
    actionview (4.1.7)
      activesupport (= 4.1.7)
      builder (~> 3.1)
      erubis (~> 2.7.0)
    activemodel (4.1.7)
      activesupport (= 4.1.7)
      builder (~> 3.1)
    activerecord (4.1.7)
      activemodel (= 4.1.7)
      activesupport (= 4.1.7)
      arel (~> 5.0.0)
    activerecord-jdbc-adapter (1.3.13)
      activerecord (>= 2.2)
    activerecord-jdbcpostgresql-adapter (1.3.13)
      activerecord-jdbc-adapter (~> 1.3.13)
      jdbc-postgres (>= 9.1)
    activerecord-session_store (0.1.0)
      actionpack (>= 4.0.0, < 5)
      activerecord (>= 4.0.0, < 5)
      railties (>= 4.0.0, < 5)
    activesupport (4.1.7)
      i18n (~> 0.6, >= 0.6.9)
      json (~> 1.7, >= 1.7.7)
      minitest (~> 5.1)
      thread_safe (~> 0.1)
      tzinfo (~> 1.1)
    addressable (2.3.6)
    angular-rails-templates (0.1.3)
      railties (>= 3.1)
      sprockets
      tilt
    arel (5.0.1.20140414130214)
    axiom-types (0.1.1)
      descendants_tracker (~> 0.0.4)
      ice_nine (~> 0.11.0)
      thread_safe (~> 0.3, >= 0.3.1)
    bcrypt (3.1.9)
    bcrypt (3.1.9-java)
    builder (3.2.2)
    capistrano (3.3.5)
      capistrano-stats (~> 1.1.0)
      i18n
      rake (>= 10.0.0)
      sshkit (~> 1.3)
    capistrano-bundler (1.1.3)
      capistrano (~> 3.1)
      sshkit (~> 1.2)
    capistrano-rails (1.1.2)
      capistrano (~> 3.1)
      capistrano-bundler (~> 1.1)
    capistrano-rvm (0.1.2)
      capistrano (~> 3.0)
      sshkit (~> 1.2)
    capistrano-sidekiq (0.4.0)
      capistrano
      sidekiq
    capistrano-stats (1.1.1)
    capistrano3-puma (0.8.3)
      capistrano (~> 3.0)
      puma (>= 2.6)
    celluloid (0.16.0)
      timers (~> 4.0.0)
    chunky_png (1.3.3)
    coercible (1.0.0)
      descendants_tracker (~> 0.0.1)
    coffee-rails (4.0.1)
      coffee-script (>= 2.2.0)
      railties (>= 4.0.0, < 5.0)
    coffee-script (2.3.0)
      coffee-script-source
      execjs
    coffee-script-source (1.8.0)
    colorize (0.7.5)
    compass (1.0.1)
      chunky_png (~> 1.2)
      compass-core (~> 1.0.1)
      compass-import-once (~> 1.0.5)
      rb-fsevent (>= 0.9.3)
      rb-inotify (>= 0.9)
      sass (>= 3.3.13, < 3.5)
    compass-core (1.0.1)
      multi_json (~> 1.0)
      sass (>= 3.3.0, < 3.5)
    compass-import-once (1.0.5)
      sass (>= 3.2, < 3.5)
    compass-rails (2.0.2)
      compass (~> 1.0.0)
      sass-rails (<= 5.0.1)
      sprockets (< 2.13)
    connection_pool (2.1.0)
    daemons (1.1.9)
    descendants_tracker (0.0.4)
      thread_safe (~> 0.3, >= 0.3.1)
    devise (3.4.1)
      bcrypt (~> 3.0)
      orm_adapter (~> 0.1)
      railties (>= 3.2.6, < 5)
      responders
      thread_safe (~> 0.1)
      warden (~> 1.2.3)
    devise_cas_authenticatable (1.3.7)
      devise (>= 1.2.0)
      rubycas-client (>= 2.2.1)
    diff-lcs (1.2.5)
    equalizer (0.0.9)
    erubis (2.7.0)
    ethon (0.7.2)
      ffi (>= 1.3.0)
    eventmachine (1.0.4)
    execjs (2.2.2)
    factory_girl (4.5.0)
      activesupport (>= 3.0.0)
    factory_girl_rails (4.5.0)
      factory_girl (~> 4.5.0)
      railties (>= 3.0.0)
    ffi (1.9.6)
    ffi (1.9.6-java)
    figaro (1.0.0)
      thor (~> 0.14)
    hike (1.2.3)
    hitimes (1.2.2)
    hitimes (1.2.2-java)
    htmlcompressor (0.1.2)
    i18n (0.7.0)
    ice_nine (0.11.1)
    jbuilder (2.2.6)
      activesupport (>= 3.0.0, < 5)
      multi_json (~> 1.2)
    jdbc-postgres (9.3.1102)
    jquery-rails (3.1.2)
      railties (>= 3.0, < 5.0)
      thor (>= 0.14, < 2.0)
    json (1.8.1)
    json (1.8.1-java)
    json_spec (1.1.4)
      multi_json (~> 1.0)
      rspec (>= 2.0, < 4.0)
    mail (2.6.3)
      mime-types (>= 1.16, < 3)
    mime-types (1.25.1)
    minitest (5.5.0)
    multi_json (1.10.1)
    net-scp (1.2.1)
      net-ssh (>= 2.6.5)
    net-ssh (2.9.1)
    netrc (0.10.2)
    orm_adapter (0.5.0)
    puma (2.10.2)
      rack (>= 1.1, < 2.0)
    puma (2.10.2-java)
      rack (>= 1.1, < 2.0)
    qiniu (6.3.2)
      json (~> 1.7)
      mime-types (~> 1.19)
      rest-client (~> 1.6)
      ruby-hmac (~> 0.4)
    rack (1.5.2)
    rack-test (0.6.2)
      rack (>= 1.0)
    rails (4.1.7)
      actionmailer (= 4.1.7)
      actionpack (= 4.1.7)
      actionview (= 4.1.7)
      activemodel (= 4.1.7)
      activerecord (= 4.1.7)
      activesupport (= 4.1.7)
      bundler (>= 1.3.0, < 2.0)
      railties (= 4.1.7)
      sprockets-rails (~> 2.0)
    rails-assets-Chart.js (1.0.1.beta.4)
    rails-assets-angular (1.2.28)
    rails-assets-angular-bootstrap-datetimepicker (0.3.4)
      rails-assets-angular (>= 1.2.26, < 2)
      rails-assets-bootstrap (>= 3.1.1, < 4)
      rails-assets-moment (>= 2.8.3, < 3)
    rails-assets-angular-cache (2.3.7)
    rails-assets-angular-chart.js (0.3.9)
      rails-assets-Chart.js (~> 1.0.1.beta.2)
      rails-assets-angular (~> 1.2.0)
    rails-assets-angular-moment (0.8.3)
      rails-assets-angular (>= 1.0.0, < 1.4.0)
      rails-assets-moment (>= 2.0.0, < 2.9.0)
    rails-assets-angular-resource (1.2.28)
      rails-assets-angular (= 1.2.28)
    rails-assets-angular-route (1.2.28)
      rails-assets-angular (= 1.2.28)
    rails-assets-angular-sanitize (1.2.28)
      rails-assets-angular (= 1.2.28)
    rails-assets-angular-ui-router (0.2.13)
      rails-assets-angular (>= 1.0.8)
    rails-assets-angular-validation (1.2.6)
    rails-assets-bootstrap (3.3.1)
      rails-assets-jquery (>= 1.9.0)
    rails-assets-css3-mediaqueries-js (1.0.0)
    rails-assets-es5-shim (4.0.5)
    rails-assets-interact (1.1.3)
    rails-assets-jquery (1.10.2)
    rails-assets-lodash (2.4.1)
    rails-assets-mockjs (0.1.5)
    rails-assets-moment (2.8.4)
    rails-assets-restangular (1.4.0)
      rails-assets-angular
      rails-assets-lodash (>= 1.3.0, < 2.5.0)
    railties (4.1.7)
      actionpack (= 4.1.7)
      activesupport (= 4.1.7)
      rake (>= 0.8.7)
      thor (>= 0.18.1, < 2.0)
    rake (10.4.2)
    rb-fsevent (0.9.4)
    rb-inotify (0.9.5)
      ffi (>= 0.5.0)
    redis (3.2.0)
    redis-namespace (1.5.1)
      redis (~> 3.0, >= 3.0.4)
    responders (1.1.2)
      railties (>= 3.2, < 4.2)
    rest-client (1.7.2)
      mime-types (>= 1.16, < 3.0)
      netrc (~> 0.7)
    rspec (3.1.0)
      rspec-core (~> 3.1.0)
      rspec-expectations (~> 3.1.0)
      rspec-mocks (~> 3.1.0)
    rspec-core (3.1.7)
      rspec-support (~> 3.1.0)
    rspec-expectations (3.1.2)
      diff-lcs (>= 1.2.0, < 2.0)
      rspec-support (~> 3.1.0)
    rspec-mocks (3.1.3)
      rspec-support (~> 3.1.0)
    rspec-rails (3.1.0)
      actionpack (>= 3.0)
      activesupport (>= 3.0)
      railties (>= 3.0)
      rspec-core (~> 3.1.0)
      rspec-expectations (~> 3.1.0)
      rspec-mocks (~> 3.1.0)
      rspec-support (~> 3.1.0)
    rspec-support (3.1.2)
    ruby-hmac (0.4.0)
    rubycas-client (2.3.9)
      activesupport
    sass (3.4.9)
    sass-rails (5.0.1)
      railties (>= 4.0.0, < 5.0)
      sass (~> 3.1)
      sprockets (>= 2.8, < 4.0)
      sprockets-rails (>= 2.0, < 4.0)
      tilt (~> 1.1)
    sidekiq (3.3.0)
      celluloid (>= 0.16.0)
      connection_pool (>= 2.0.0)
      json
      redis (>= 3.0.6)
      redis-namespace (>= 1.3.1)
    spring (1.2.0)
    sprockets (2.12.3)
      hike (~> 1.2)
      multi_json (~> 1.0)
      rack (~> 1.0)
      tilt (~> 1.1, != 1.3.0)
    sprockets-rails (2.2.2)
      actionpack (>= 3.0)
      activesupport (>= 3.0)
      sprockets (>= 2.8, < 4.0)
    sqlite3 (1.3.10)
    sshkit (1.6.1)
      colorize (>= 0.7.0)
      net-scp (>= 1.1.2)
      net-ssh (>= 2.8.0)
    thin (1.6.3)
      daemons (~> 1.0, >= 1.0.9)
      eventmachine (~> 1.0)
      rack (~> 1.0)
    thor (0.19.1)
    thread_safe (0.3.4)
    thread_safe (0.3.4-java)
    tilt (1.4.1)
    timers (4.0.1)
      hitimes
    typhoeus (0.6.9)
      ethon (>= 0.7.1)
    tzinfo (1.2.2)
      thread_safe (~> 0.1)
    tzinfo-data (1.2014.10)
      tzinfo (>= 1.0.0)
    uglifier (2.6.1)
      execjs (>= 0.3.0)
      json (>= 1.8.0)
    virtus (1.0.4)
      axiom-types (~> 0.1)
      coercible (~> 1.0)
      descendants_tracker (~> 0.0, >= 0.0.3)
      equalizer (~> 0.0, >= 0.0.9)
    warden (1.2.3)
      rack (>= 1.0)

PLATFORMS
  java
  ruby

DEPENDENCIES
  activerecord-jdbcpostgresql-adapter
  activerecord-session_store
  angular-rails-templates
  capistrano
  capistrano-bundler
  capistrano-rails
  capistrano-rvm
  capistrano-sidekiq
  capistrano3-puma
  coffee-rails (~> 4.0.0)
  compass-rails (~> 2.0.0)
  devise
  devise_cas_authenticatable
  factory_girl_rails
  figaro
  htmlcompressor
  jbuilder (~> 2.0)
  jquery-rails (= 3.1.2)
  json_spec
  pbl_service_client!
  puma
  qiniu (~> 6.3.1)
  rails (= 4.1.7)
  rails-assets-angular (~> 1.2.0)
  rails-assets-angular-bootstrap-datetimepicker
  rails-assets-angular-cache (~> 2.3.7)
  rails-assets-angular-chart.js
  rails-assets-angular-moment
  rails-assets-angular-resource (~> 1.2.0)
  rails-assets-angular-route (~> 1.2.0)
  rails-assets-angular-sanitize (~> 1.2.0)
  rails-assets-angular-ui-router (~> 0.2.12)
  rails-assets-angular-validation (~> 1.2.0)
  rails-assets-css3-mediaqueries-js
  rails-assets-es5-shim
  rails-assets-interact
  rails-assets-jquery (~> 1.10.0)
  rails-assets-lodash
  rails-assets-mockjs (~> 0.1.5)
  rails-assets-restangular
  rspec-rails
  sass-rails
  spring
  sqlite3
  thin
  tzinfo-data
  uglifier (>= 1.3.0)
